GEM
  remote: https://rubygems.org/
  specs:
    activemodel (7.0.3.1)
      activesupport (= 7.0.3.1)
    activerecord (7.0.3.1)
      activemodel (= 7.0.3.1)
      activesupport (= 7.0.3.1)
    activesupport (7.0.3.1)
      concurrent-ruby (~> 1.0, >= 1.0.2)
      i18n (>= 1.6, < 2)
      minitest (>= 5.1)
      tzinfo (~> 2.0)
    concurrent-ruby (1.1.10)
    daemons (1.1.9)
    eventmachine (1.0.3)
    httpi (2.5.0)
      rack
      socksify
    i18n (1.11.0)
      concurrent-ruby (~> 1.0)
    minitest (5.16.2)
    multi_json (1.10.1)
    oj (2.10.0)
    pg (0.17.1)
    possible_email (0.0.3)
      httpi (~> 2.2, >= 2.2.5)
      rubyntlm (~> 0.3.4)
      thor (~> 0.19, >= 0.19.1)
    rack (1.6.13)
    rack-protection (1.5.3)
      rack
    rake (10.3.2)
    rubyntlm (0.3.4)
    shotgun (0.9)
      rack (>= 1.0)
    sinatra (1.4.4)
      rack (~> 1.4)
      rack-protection (~> 1.4)
      tilt (~> 1.3, >= 1.3.4)
    sinatra-activerecord (1.2.3)
      activerecord (>= 3.0)
      sinatra (~> 1.0)
    socksify (1.7.1)
    sqlite3 (1.3.9)
    thin (1.6.2)
      daemons (>= 1.0.9)
      eventmachine (>= 1.0.0)
      rack (>= 1.0.0)
    thor (0.20.3)
    tilt (1.4.1)
    tzinfo (2.0.4)
      concurrent-ruby (~> 1.0)

PLATFORMS
  ruby

DEPENDENCIES
  activerecord (= 7.0.3.1)
  activerecord-jdbcpostgresql-adapter
  activerecord-jdbcsqlite3-adapter
  multi_json
  oj
  pg
  possible_email
  rake
  shotgun
  sinatra (= 1.4.4)
  sinatra-activerecord (= 1.2.3)
  sqlite3
  thin
